GEM
  remote: https://rubygems.org/
  specs:
    backports (3.8.0)
    bson (4.2.2)
    bson_ext (1.5.1)
    childprocess (0.5.6)
      ffi (~> 1.0, >= 1.0.11)
    ffi (1.9.8)
    ffi (1.9.8-x86-mingw32)
    mongo (2.4.3)
      bson (>= 4.2.1, < 5.0.0)
    multi_json (1.12.1)
    mustermann (1.0.0)
    rack (2.0.3)
    rack-protection (2.0.0)
      rack
    rubyzip (1.1.7)
    selenium-webdriver (3.4.4)
      childprocess (~> 0.5)
      rubyzip (~> 1.0)
    sinatra (2.0.0)
      mustermann (~> 1.0)
      rack (~> 2.0)
      rack-protection (= 2.0.0)
      tilt (~> 2.0)
    sinatra-contrib (2.0.0)
      backports (>= 2.0)
      multi_json
      mustermann (~> 1.0)
      rack-protection (= 2.0.0)
      sinatra (= 2.0.0)
      tilt (>= 1.3, < 3)
    tilt (2.0.8)

PLATFORMS
  ruby
  x86-mingw32

DEPENDENCIES
  bson_ext
  mongo
  selenium-webdriver
  sinatra
  sinatra-contrib

BUNDLED WITH
   1.14.4
